GEM
  remote: http://rubygems.org/
  specs:
    bson (1.3.0)
    bson_ext (1.3.0)
    mongo (1.3.0)
      bson (>= 1.3.0)
    rack (1.3.0)

PLATFORMS
  ruby

DEPENDENCIES
  bson (= 1.3.0)
  bson_ext (= 1.3.0)
  mongo (= 1.3.0)
  rack
